GEM
  remote: https://rubygems.org/
  specs:
    airbrake (3.1.14)
      builder
      json
    builder (3.2.2)
    httparty (0.12.0)
      json (~> 1.8)
      multi_xml (>= 0.5.2)
    json (1.8.1)
    multi_xml (0.5.5)
    newrelic_rpm (3.7.0.177)
    rack (1.5.2)
    rack-protection (1.5.0)
      rack
    rack-ssl-enforcer (0.2.6)
    sinatra (1.4.3)
      rack (~> 1.4)
      rack-protection (~> 1.4)
      tilt (~> 1.3, >= 1.3.4)
    tilt (1.4.1)

PLATFORMS
  ruby

DEPENDENCIES
  airbrake (~> 3.1.14)
  httparty (~> 0.12.0)
  newrelic_rpm (~> 3.7.0.177)
  rack-ssl-enforcer (~> 0.2.6)
  sinatra (~> 1.4.3)
