GEM
  remote: http://rubygems.org/
  specs:
    httparty (0.9.0)
      multi_json (~> 1.0)
      multi_xml
    json (1.7.4)
    multi_json (1.3.6)
    multi_xml (0.5.1)
    newrelic_rpm (3.5.3.25)
    rack (1.4.1)
    rack-protection (1.2.0)
      rack
    rack-ssl-enforcer (0.2.4)
    sinatra (1.3.3)
      rack (~> 1.3, >= 1.3.6)
      rack-protection (~> 1.2)
      tilt (~> 1.3, >= 1.3.3)
    tdev_metrics (0.0.1)
      json (>= 1.7.3)
    tilt (1.3.3)

PLATFORMS
  ruby

DEPENDENCIES
  httparty
  newrelic_rpm
  rack-ssl-enforcer
  sinatra
  tdev_metrics
