GEM
  remote: https://rubygems.org/
  specs:
    activesupport (3.2.13)
      i18n (= 0.6.1)
      multi_json (~> 1.0)
    airbrake (3.1.11)
      activesupport
      builder
      json
    builder (3.2.0)
    httparty (0.10.2)
      multi_json (~> 1.0)
      multi_xml (>= 0.5.2)
    i18n (0.6.1)
    json (1.7.7)
    multi_json (1.6.1)
    multi_xml (0.5.3)
    newrelic_rpm (3.6.0.78)
    rack (1.5.2)
    rack-protection (1.5.0)
      rack
    rack-ssl-enforcer (0.2.5)
    sinatra (1.4.2)
      rack (~> 1.5, >= 1.5.2)
      rack-protection (~> 1.4)
      tilt (~> 1.3, >= 1.3.4)
    tilt (1.3.6)

PLATFORMS
  ruby

DEPENDENCIES
  airbrake (~> 3.1.11)
  httparty (~> 0.10.2)
  newrelic_rpm (~> 3.6.0.78)
  rack-ssl-enforcer (~> 0.2.5)
  sinatra (~> 1.4.2)
