GEM
  remote: https://rubygems.org/
  specs:
    httparty (0.10.2)
      multi_json (~> 1.0)
      multi_xml (>= 0.5.2)
    json (1.7.7)
    multi_json (1.6.1)
    multi_xml (0.5.3)
    newrelic_rpm (3.5.8.72)
    rack (1.5.2)
    rack-protection (1.4.0)
      rack
    rack-ssl-enforcer (0.2.5)
    sinatra (1.3.5)
      rack (~> 1.4)
      rack-protection (~> 1.3)
      tilt (~> 1.3, >= 1.3.3)
    tdev_metrics (0.0.1)
      json (>= 1.7.3)
    tilt (1.3.4)

PLATFORMS
  ruby

DEPENDENCIES
  httparty (~> 0.10.2)
  newrelic_rpm
  rack-ssl-enforcer (~> 0.2.5)
  sinatra (~> 1.3.5)
  tdev_metrics (~> 0.0.1)
