GEM
  remote: https://rubygems.org/
  specs:
    activesupport (3.2.13)
      i18n (= 0.6.1)
      multi_json (~> 1.0)
    airbrake (3.1.12)
      activesupport
      builder
      json
    builder (3.2.2)
    httparty (0.11.0)
      multi_json (~> 1.0)
      multi_xml (>= 0.5.2)
    i18n (0.6.1)
    json (1.8.0)
    multi_json (1.7.7)
    multi_xml (0.5.4)
    newrelic_rpm (3.6.4.122)
    rack (1.5.2)
    rack-protection (1.5.0)
      rack
    rack-ssl-enforcer (0.2.5)
    sinatra (1.4.3)
      rack (~> 1.4)
      rack-protection (~> 1.4)
      tilt (~> 1.3, >= 1.3.4)
    tilt (1.4.1)

PLATFORMS
  ruby

DEPENDENCIES
  airbrake (~> 3.1.12)
  httparty (~> 0.11.0)
  newrelic_rpm (~> 3.6.4.122)
  rack-ssl-enforcer (~> 0.2.5)
  sinatra (~> 1.4.3)
